PATH
  remote: .
  specs:
    jquery-rails-google-cdn (0.0.2)

GEM
  remote: https://rubygems.org/
  specs:

PLATFORMS
  ruby

DEPENDENCIES
  jquery-rails-google-cdn!
